PATH
  remote: .
  specs:
    css-annotate (1.3.0)
      compass (~> 0.10)
      haml (~> 3.0)
      rack (~> 1.1)

GEM
  remote: http://rubygems.org/
  specs:
    compass (0.10.6)
      haml (>= 3.0.4)
    daemons (1.1.0)
    eventmachine (0.12.10)
    haml (3.0.23)
    rack (1.2.1)
    thin (1.2.7)
      daemons (>= 1.0.9)
      eventmachine (>= 0.12.6)
      rack (>= 1.0.0)

PLATFORMS
  ruby

DEPENDENCIES
  compass (~> 0.10)
  css-annotate!
  haml (~> 3.0)
  rack (~> 1.1)
  thin
